GEM
  remote: https://rubygems.org/
  specs:
    byebug (11.1.3)
    concurrent-ruby (1.1.8)
    faker (1.9.6)
      i18n (>= 0.7)
    i18n (1.8.10)
      concurrent-ruby (~> 1.0)
    minitest (5.14.4)
    ruby2d (0.9.5)

PLATFORMS
  x64-mingw32

DEPENDENCIES
  byebug (~> 11.1.1)
  faker (~> 1.9)
  minitest (~> 5)
  ruby2d (~> 0.9.5)

BUNDLED WITH
   2.2.16
